GEM
  remote: https://rubygems.org/
  specs:
    ast (1.1.0)
    execjs (1.4.0)
      multi_json (~> 1.0)
    minitest (3.0.1)
    minitest-rg (1.1.0)
    multi_json (1.3.6)
    parser (2.0.0.beta9)
      ast (~> 1.1)
      slop (~> 3.4, >= 3.4.5)
    rainbow (1.1.4)
    rake (0.9.2.2)
    rubocop (0.9.0)
      parser (= 2.0.0.beta9)
      rainbow (>= 1.1.4)
    slop (3.4.5)

PLATFORMS
  ruby

DEPENDENCIES
  execjs
  minitest
  minitest-rg
  rake
  rubocop
