GEM
  remote: https://rubygems.org/
  specs:
    ast (1.1.0)
    celluloid (0.15.2)
      timers (~> 1.1.0)
    coderay (1.0.9)
    execjs (1.4.0)
      multi_json (~> 1.0)
    ffi (1.9.0)
    formatador (0.2.4)
    guard (2.1.1)
      formatador (>= 0.2.4)
      listen (~> 2.1)
      lumberjack (~> 1.0)
      pry (>= 0.9.12)
      thor (>= 0.18.1)
    guard-minitest (2.0.0)
      guard (~> 2.0)
      minitest (>= 3.0)
    listen (2.1.1)
      celluloid (>= 0.15.2)
      rb-fsevent (>= 0.9.3)
      rb-inotify (>= 0.9)
    lumberjack (1.0.4)
    method_source (0.8.2)
    minitest (3.0.1)
    minitest-around (0.0.1)
      minitest (>= 2.8.0)
    minitest-rg (1.1.0)
    multi_json (1.3.6)
    parser (2.0.0.beta9)
      ast (~> 1.1)
      slop (~> 3.4, >= 3.4.5)
    pry (0.9.12.2)
      coderay (~> 1.0.5)
      method_source (~> 0.8)
      slop (~> 3.4)
    rainbow (1.1.4)
    rake (10.1.0)
    rb-fsevent (0.9.3)
    rb-inotify (0.9.2)
      ffi (>= 0.5.0)
    rubocop (0.9.0)
      parser (= 2.0.0.beta9)
      rainbow (>= 1.1.4)
    slop (3.4.5)
    thor (0.18.1)
    timers (1.1.0)

PLATFORMS
  ruby

DEPENDENCIES
  execjs
  guard
  guard-minitest
  minitest
  minitest-around
  minitest-rg
  rake
  rubocop
